GEM
  remote: http://rubygems.org/
  specs:
    activesupport (3.0.3)
    haml (3.0.25)
    i18n (0.5.0)
    kgio (2.8.0)
    mini_magick (3.2)
      subexec (~> 0.0.4)
    rack (1.5.2)
    raindrops (0.10.0)
    sequel (3.19.0)
    sinatra (1.1.2)
      rack (~> 1.1)
      tilt (~> 1.2)
    sqlite3 (1.3.3)
    subexec (0.0.4)
    tilt (1.2.2)
    unicorn (4.6.2)
      kgio (~> 2.6)
      rack
      raindrops (~> 0.7)

PLATFORMS
  ruby

DEPENDENCIES
  activesupport
  haml
  i18n
  mini_magick
  sequel
  sinatra
  sqlite3
  unicorn
