GEM
  remote: https://rubygems.org/
  specs:
    activesupport (3.2.22)
      i18n (~> 0.6, >= 0.6.4)
      multi_json (~> 1.0)
    haml (3.1.8)
    i18n (0.7.0)
    mini_magick (3.8.1)
      subexec (~> 0.2.1)
    multi_json (1.11.2)
    rack (1.6.4)
    rack-protection (1.5.3)
      rack
    sequel (3.48.0)
    sinatra (1.4.6)
      rack (~> 1.4)
      rack-protection (~> 1.4)
      tilt (>= 1.3, < 3)
    sqlite3 (1.3.11)
    subexec (0.2.3)
    tilt (2.0.1)

PLATFORMS
  ruby

DEPENDENCIES
  activesupport (~> 3)
  haml (~> 3)
  i18n
  mini_magick (~> 3)
  sequel (~> 3)
  sinatra (~> 1.1)
  sqlite3 (~> 1.3)

BUNDLED WITH
   1.10.6
