GEM
  remote: http://rubygems.org/
  specs:
    activesupport (3.0.3)
    haml (3.0.25)
    mini_magick (3.2)
      subexec (~> 0.0.4)
    rack (1.2.1)
    sequel (3.19.0)
    shotgun (0.8)
      rack (>= 1.0)
    sinatra (1.1.2)
      rack (~> 1.1)
      tilt (~> 1.2)
    subexec (0.0.4)
    tilt (1.2.2)

PLATFORMS
  ruby

DEPENDENCIES
  activesupport
  haml
  mini_magick
  sequel
  shotgun
  sinatra
